GEM
  remote: https://rubygems.org/
  specs:
    diff-lcs (1.3)
    knapsack (1.22.0)
      rake
    nio4r (2.7.3)
    puma (5.6.9)
      nio4r (~> 2.0)
    rake (13.3.0)
    rspec (3.6.0)
      rspec-core (~> 3.6.0)
      rspec-expectations (~> 3.6.0)
      rspec-mocks (~> 3.6.0)
    rspec-core (3.6.0)
      rspec-support (~> 3.6.0)
    rspec-expectations (3.6.0)
      diff-lcs (>= 1.2.0, < 2.0)
      rspec-support (~> 3.6.0)
    rspec-mocks (3.6.0)
      diff-lcs (>= 1.2.0, < 2.0)
      rspec-support (~> 3.6.0)
    rspec-support (3.6.0)

PLATFORMS
  ruby

DEPENDENCIES
  knapsack
  puma
  rspec

BUNDLED WITH
   2.6.9
