GEM
  remote: https://rubygems.org/
  specs:
    diff-lcs (1.3)
    knapsack (1.14.0)
      rake
    nio4r (2.5.8)
    puma (5.6.2)
      nio4r (~> 2.0)
    rake (13.0.1)
    rspec (3.6.0)
      rspec-core (~> 3.6.0)
      rspec-expectations (~> 3.6.0)
      rspec-mocks (~> 3.6.0)
    rspec-core (3.6.0)
      rspec-support (~> 3.6.0)
    rspec-expectations (3.6.0)
      diff-lcs (>= 1.2.0, < 2.0)
      rspec-support (~> 3.6.0)
    rspec-mocks (3.6.0)
      diff-lcs (>= 1.2.0, < 2.0)
      rspec-support (~> 3.6.0)
    rspec-support (3.6.0)

PLATFORMS
  ruby

DEPENDENCIES
  knapsack
  puma
  rspec

BUNDLED WITH
   1.15.1
